GEM
  remote: https://rubygems.org/
  specs:
    serialport (1.3.1)

PLATFORMS
  ruby

DEPENDENCIES
  serialport

RUBY VERSION
   ruby 2.5.5p157

BUNDLED WITH
   1.17.2
